GEM
  remote: https://rubygems.org/
  specs:
    autoprefixer-rails (6.0.3)
      execjs
      json
    builder (3.2.2)
    erubis (2.7.0)
    execjs (2.6.0)
    hike (1.2.3)
    json (1.8.3)
    multi_json (1.11.2)
    puma (2.14.0)
    rack (1.6.4)
    rack-protection (1.5.3)
      rack
    redcarpet (3.3.3)
    sass (3.4.19)
    shotgun (0.9.1)
      rack (>= 1.0)
    sinatra (1.4.6)
      rack (~> 1.4)
      rack-protection (~> 1.4)
      tilt (>= 1.3, < 3)
    sprockets (2.12.4)
      hike (~> 1.2)
      multi_json (~> 1.0)
      rack (~> 1.0)
      tilt (~> 1.1, != 1.3.0)
    sprockets-sass (1.3.1)
      sprockets (~> 2.0)
      tilt (~> 1.1)
    tilt (1.4.1)

PLATFORMS
  ruby

DEPENDENCIES
  autoprefixer-rails
  builder
  erubis
  puma
  redcarpet
  sass
  shotgun
  sinatra
  sprockets
  sprockets-sass

BUNDLED WITH
   1.10.6
